GEM
  remote: https://rubygems.org/
  specs:
    jekyll-sitemap (0.6.0)

PLATFORMS
  ruby

DEPENDENCIES
  jekyll-sitemap

BUNDLED WITH
   1.13.7
